GEM
  remote: https://rubygems.org/
  specs:
    mustermann (2.0.2)
      ruby2_keywords (~> 0.0.1)
    pg (1.3.3)
    pg (1.3.3-x64-mingw32)
    rack (2.2.4)
    rack-protection (2.2.3)
      rack
    ruby2_keywords (0.0.5)
    sinatra (2.2.3)
      mustermann (~> 2.0)
      rack (~> 2.2)
      rack-protection (= 2.2.3)
      tilt (~> 2.0)
    sqlite3 (1.4.2)
    tilt (2.0.11)

PLATFORMS
  ruby
  x64-mingw32

DEPENDENCIES
  pg
  sinatra
  sqlite3

BUNDLED WITH
   1.17.2
